PATH
  remote: .
  specs:
    komo (0.1.0)
      RedCloth
      logging (= 2.2.2)
      nokogiri
      rdiscount

GEM
  remote: https://rubygems.org/
  specs:
    RedCloth (4.3.2)
    little-plugger (1.1.4)
    logging (2.2.2)
      little-plugger (~> 1.1)
      multi_json (~> 1.10)
    mini_portile2 (2.8.0)
    minitest (5.16.3)
    multi_json (1.15.0)
    nokogiri (1.13.8)
      mini_portile2 (~> 2.8.0)
      racc (~> 1.4)
    racc (1.6.0)
    rake (12.3.3)
    rdiscount (2.2.0.2)

PLATFORMS
  ruby

DEPENDENCIES
  komo!
  minitest (~> 5.0)
  rake (~> 12.0)

BUNDLED WITH
   2.2.22
